GEM
  remote: http://rubygems.org/
  remote: http://rubygems.org/
  specs:
    addressable (2.2.2)
    faraday (0.5.3)
      addressable (~> 2.2.2)
      multipart-post (~> 1.0.1)
      rack (>= 1.1.0, < 2)
    faraday_middleware (0.3.0)
      faraday (~> 0.5.3)
    hashie (0.4.0)
    i18n (0.5.0)
    multi_json (0.0.5)
    multi_xml (0.2.0)
    multipart-post (1.0.1)
    rack (1.2.1)
    simple_oauth (0.1.2)
    twitter (1.0.0)
      faraday (~> 0.5.3)
      faraday_middleware (~> 0.3.0)
      hashie (~> 0.4.0)
      multi_json (~> 0.0.5)
      multi_xml (~> 0.2.0)
      simple_oauth (~> 0.1.2)

PLATFORMS
  ruby

DEPENDENCIES
  i18n (>= 0.4.1)
  twitter (>= 0.9.7)
