GEM
  remote: http://rubygems.org/
  specs:
    bson (1.8.2)
    bson_ext (1.8.2)
      bson (~> 1.8.2)
    cinch (2.0.4)
    faraday (0.8.5)
      multipart-post (~> 1.1)
    foreman (0.61.0)
      thor (>= 0.13.6)
    getopt (1.4.1)
    i18n (0.6.1)
    mongo (1.8.2)
      bson (~> 1.8.2)
    multi_json (1.6.0)
    multipart-post (1.1.5)
    simple_oauth (0.2.0)
    thor (0.17.0)
    twitter (4.5.0)
      faraday (~> 0.8, < 0.10)
      multi_json (~> 1.0)
      simple_oauth (~> 0.2)

PLATFORMS
  ruby

DEPENDENCIES
  bson_ext
  cinch
  foreman
  getopt
  i18n (>= 0.4.1)
  mongo
  twitter (>= 0.9.7)
