GEM
  remote: http://rubygems.org/
  specs:
    cinch (2.0.3)
    faraday (0.8.4)
      multipart-post (~> 1.1)
    getopt (1.4.1)
    i18n (0.6.1)
    multi_json (1.5.0)
    multipart-post (1.1.5)
    simple_oauth (0.2.0)
    twitter (4.5.0)
      faraday (~> 0.8, < 0.10)
      multi_json (~> 1.0)
      simple_oauth (~> 0.2)

PLATFORMS
  ruby

DEPENDENCIES
  cinch
  getopt
  i18n (>= 0.4.1)
  twitter (>= 0.9.7)
